PATH
  remote: /home/tim/local/www/algolia/clients/jekyll-algolia
  specs:
    jekyll-algolia (1.0.0)
      algolia_html_extractor (~> 2.1)
      algoliasearch (~> 1.18)
      awesome_print (~> 1.8)
      filesize (~> 0.1)
      jekyll (~> 3.6)
      jekyll-paginate (~> 1.1)
      json (~> 2.0)
      nokogiri (~> 1.6)
      verbal_expressions (~> 0.1.5)

GEM
  remote: https://rubygems.org/
  specs:
    activesupport (5.1.4)
      concurrent-ruby (~> 1.0, >= 1.0.2)
      i18n (~> 0.7)
      minitest (~> 5.1)
      tzinfo (~> 1.1)
    addressable (2.5.2)
      public_suffix (>= 2.0.2, < 4.0)
    algolia_html_extractor (2.1.0)
      awesome_print (~> 1.6)
      json (~> 2.0)
      nokogiri (~> 1.8)
    algoliasearch (1.18.1)
      httpclient (~> 2.8.3)
      json (>= 1.5.1)
    autoprefixer-rails (7.1.6)
      execjs
    awesome_print (1.8.0)
    colorator (1.1.0)
    concurrent-ruby (1.0.5)
    domain_name (0.5.20170404)
      unf (>= 0.0.5, < 1.0.0)
    execjs (2.7.0)
    extras (0.3.0)
      forwardable-extended (~> 2.5)
    fastimage (2.1.0)
    ffi (1.9.18)
    filesize (0.1.1)
    forwardable-extended (2.6.0)
    htmlbeautifier (1.3.1)
    http (2.2.2)
      addressable (~> 2.3)
      http-cookie (~> 1.0)
      http-form_data (~> 1.0.1)
      http_parser.rb (~> 0.6.0)
    http-cookie (1.0.3)
      domain_name (~> 0.5)
    http-form_data (1.0.3)
    http_parser.rb (0.6.0)
    httparty (0.15.6)
      multi_xml (>= 0.5.2)
    httpclient (2.8.3)
    i18n (0.9.1)
      concurrent-ruby (~> 1.0)
    jekyll (3.6.2)
      addressable (~> 2.4)
      colorator (~> 1.0)
      jekyll-sass-converter (~> 1.0)
      jekyll-watch (~> 1.1)
      kramdown (~> 1.14)
      liquid (~> 4.0)
      mercenary (~> 0.3.3)
      pathutil (~> 0.9)
      rouge (>= 1.7, < 3)
      safe_yaml (~> 1.0)
    jekyll-archives (2.1.1)
      jekyll (>= 2.4)
    jekyll-assets (2.4.0)
      concurrent-ruby (~> 1.0)
      extras (~> 0.2)
      fastimage (~> 2.0, >= 1.8)
      jekyll (~> 3.1, >= 3.0)
      pathutil (>= 0.8)
      rack (~> 1.6)
      sprockets (~> 3.3, < 3.8)
    jekyll-cloudinary (1.9.1)
      fastimage (>= 2.0, < 3.0)
      jekyll (>= 3.0, < 4.0)
    jekyll-microtypo (0.0.6)
      jekyll (>= 3.0, < 4.0)
    jekyll-paginate (1.1.0)
    jekyll-postfiles (2.1.1)
    jekyll-sass-converter (1.5.0)
      sass (~> 3.4)
    jekyll-tagging (1.1.0)
      nuggets
    jekyll-watch (1.5.0)
      listen (~> 3.0, < 3.1)
    jekyll-webmention_io (2.8.4)
      htmlbeautifier (~> 1.1)
      http (~> 2.0)
      jekyll (>= 2.0, < 4.0)
      json (~> 2.0)
      openssl (~> 2.0)
      string_inflection (~> 0.1)
      uglifier (~> 3.2)
      webmention (~> 0.1.6)
    json (2.1.0)
    kramdown (1.15.0)
    link_header (0.0.8)
    liquid (4.0.0)
    listen (3.0.8)
      rb-fsevent (~> 0.9, >= 0.9.4)
      rb-inotify (~> 0.9, >= 0.9.7)
    mercenary (0.3.6)
    mini_portile2 (2.3.0)
    minitest (5.10.3)
    multi_xml (0.6.0)
    nokogiri (1.8.1)
      mini_portile2 (~> 2.3.0)
    nuggets (1.5.0)
    openssl (2.0.6)
    pathutil (0.16.0)
      forwardable-extended (~> 2.6)
    public_suffix (3.0.1)
    rack (1.6.8)
    rb-fsevent (0.10.2)
    rb-inotify (0.9.10)
      ffi (>= 0.5.0, < 2)
    rmagick (2.16.0)
    rouge (2.2.1)
    safe_yaml (1.0.4)
    sass (3.5.3)
      sass-listen (~> 4.0.0)
    sass-listen (4.0.0)
      rb-fsevent (~> 0.9, >= 0.9.4)
      rb-inotify (~> 0.9, >= 0.9.7)
    sprockets (3.7.1)
      concurrent-ruby (~> 1.0)
      rack (> 1, < 3)
    string_inflection (0.1.2)
    thread_safe (0.3.6)
    tzinfo (1.2.4)
      thread_safe (~> 0.1)
    uglifier (3.2.0)
      execjs (>= 0.3.0, < 3)
    unf (0.1.4)
      unf_ext
    unf_ext (0.0.7.4)
    verbal_expressions (0.1.5)
    webmention (0.1.6)
      httparty (~> 0.15.5)
      json
      link_header (~> 0.0.8)
      nokogiri
    yt (0.32.1)
      activesupport
      yt-support (>= 0.1)
    yt-support (0.1.3)

PLATFORMS
  ruby

DEPENDENCIES
  autoprefixer-rails
  jekyll
  jekyll-algolia!
  jekyll-archives
  jekyll-assets
  jekyll-cloudinary
  jekyll-microtypo
  jekyll-postfiles
  jekyll-tagging
  jekyll-webmention_io
  json
  rmagick
  uglifier
  yt

BUNDLED WITH
   1.16.0
